GIT
  remote: git://github.com/bcg/em-spec.git
  revision: e44d67847794d317078cf357271863447d26c8c5
  specs:
    em-spec (0.2.2)

GEM
  remote: http://rubygems.org/
  specs:
    diff-lcs (1.1.2)
    eventmachine (0.12.10)
    mocha (0.9.10)
      rake
    rake (0.8.7)
    rspec (2.4.0)
      rspec-core (~> 2.4.0)
      rspec-expectations (~> 2.4.0)
      rspec-mocks (~> 2.4.0)
    rspec-core (2.4.0)
    rspec-expectations (2.4.0)
      diff-lcs (~> 1.1.2)
    rspec-mocks (2.4.0)

PLATFORMS
  ruby

DEPENDENCIES
  em-spec!
  eventmachine
  mocha
  rspec
